GIT
  remote: git://github.com/libgit2/rugged.git
  revision: 1db069fa9e9164144c0b24b9e30194c00a618b08
  branch: master
  submodules: true
  specs:
    rugged (0.24.0b12)

GEM
  remote: https://rubygems.org/
  specs:
    dotenv (2.1.0)
    mini_portile2 (2.0.0)
    nokogiri (1.6.7.2)
      mini_portile2 (~> 2.0.0.rc2)
    roo (2.3.1)
      nokogiri (~> 1)
      rubyzip (~> 1.1, < 2.0.0)
    roo-xls (1.0.0)
      nokogiri
      roo (>= 2.0.0beta1, < 3)
      spreadsheet (> 0.9.0)
    ruby-ole (1.2.12)
    rubyzip (1.1.7)
    spreadsheet (1.1.1)
      ruby-ole (>= 1.0)

PLATFORMS
  ruby

DEPENDENCIES
  dotenv
  roo-xls
  rubyzip
  rugged!

BUNDLED WITH
   1.10.6
